PATH
  remote: .
  specs:
    ssh-forever (0.3.0)
      open4 (>= 1.0.1)

GEM
  remote: http://rubygems.org/
  specs:
    open4 (1.0.1)

PLATFORMS
  ruby

DEPENDENCIES
  ssh-forever!
